GIT
  remote: git://github.com/actionshrimp/vim-flavor.git
  revision: 9371f63b62797c92032556ab6c78d05595a738b4
  specs:
    vim-flavor (1.1.2)
      parslet (~> 1.0)
      thor (~> 0.14)

GEM
  remote: https://rubygems.org/
  specs:
    blankslate (2.1.2.4)
    parslet (1.5.0)
      blankslate (~> 2.0)
    thor (0.18.1)

PLATFORMS
  ruby

DEPENDENCIES
  vim-flavor!
